PATH
  remote: .
  specs:
    rbshard (0.1.0)
      twofish (~> 1.0)

GEM
  remote: https://rubygems.org/
  specs:
    minitest (5.25.5)
    twofish (1.0.8)

PLATFORMS
  ruby
  x86_64-linux

DEPENDENCIES
  minitest (~> 5)
  rbshard!

BUNDLED WITH
   2.6.7
