PATH
  remote: .
  specs:
    rbshard (0.1.0)
      gtk3 (>= 4.0)
      twofish (~> 1.0)

GEM
  remote: https://rubygems.org/
  specs:
    atk (4.3.0)
      glib2 (= 4.3.0)
    cairo (1.18.4)
      native-package-installer (>= 1.0.3)
      pkg-config (>= 1.2.2)
      red-colors
    cairo-gobject (4.3.0)
      cairo (>= 1.16.2)
      glib2 (= 4.3.0)
    fiddle (1.1.8)
    gdk3 (4.3.0)
      cairo-gobject (= 4.3.0)
      gdk_pixbuf2 (= 4.3.0)
      pango (= 4.3.0)
    gdk_pixbuf2 (4.3.0)
      gio2 (= 4.3.0)
    gio2 (4.3.0)
      fiddle
      gobject-introspection (= 4.3.0)
    glib2 (4.3.0)
      native-package-installer (>= 1.0.3)
      pkg-config (>= 1.3.5)
    gobject-introspection (4.3.0)
      glib2 (= 4.3.0)
    gtk3 (4.3.0)
      atk (= 4.3.0)
      gdk3 (= 4.3.0)
    json (2.13.2)
    matrix (0.4.3)
    minitest (5.25.5)
    native-package-installer (1.1.9)
    pango (4.3.0)
      cairo-gobject (= 4.3.0)
      gobject-introspection (= 4.3.0)
    pkg-config (1.6.2)
    red-colors (0.4.0)
      json
      matrix
    twofish (1.0.8)

PLATFORMS
  ruby
  x86_64-linux

DEPENDENCIES
  minitest (~> 5)
  rbshard!

BUNDLED WITH
   2.6.7
